NUGET
  remote: https://www.nuget.org/api/v2
  specs:
    FAKE (4.27)
    Mono.Terminal (4.2.2)
